PATH
  remote: ../rulers
  specs:
    rulers (0.0.1)
      rack (~> 1.5.2)

GEM
  remote: https://rubygems.org/
  specs:
    ffi (1.9.10)
    listen (3.0.3)
      rb-fsevent (>= 0.9.3)
      rb-inotify (>= 0.9)
    rack (1.5.2)
    rb-fsevent (0.9.6)
    rb-inotify (0.9.5)
      ffi (>= 0.5.0)
    rerun (0.11.0)
      listen (~> 3.0)

PLATFORMS
  ruby

DEPENDENCIES
  rerun
  rulers!
